GIT
  remote: http://github.com/sanger/lims-core.git
  revision: d5020c3c8bec8e835073894c4518d6ec4e358933
  branch: master
  specs:
    lims-core (2.5.0)
      active_support
      aequitas
      bunny (= 0.9.0.pre10)
      dm-validations
      facets (= 2.9.3)
      sequel
      state_machine
      uuid
      virtus (= 0.2.0)

GIT
  remote: http://github.com/sanger/psd_logger.git
  revision: dd2d634114df75b1d8535715c169a7fc99521389
  specs:
    psd_logger (0.1.6)

GIT
  remote: https://github.com/sanger/lims-busclient.git
  revision: 567ebc8fce362dce64a09f2a07064d11cd026c8d
  branch: master
  specs:
    lims-busclient (0.4.0)
      aequitas
      amqp
      facets
      virtus

GIT
  remote: https://github.com/sanger/lims-management-app.git
  revision: 17264b6dbe832a6492256201a5afe5afbdd9095e
  branch: master
  specs:
    lims-management-app (1.8.2)
      bunny (= 0.9.0.pre10)
      json

PATH
  remote: .
  specs:
    lims-order-management-app (0.3.0)
      aequitas
      amqp
      facets
      mysql
      rest-client
      sequel
      virtus

GEM
  remote: http://www.rubygems.org/
  specs:
    active_support (3.0.0)
      activesupport (= 3.0.0)
    activesupport (3.0.0)
    addressable (2.3.5)
    aequitas (0.0.2)
    amq-client (1.0.2)
      amq-protocol (>= 1.2.0)
      eventmachine
    amq-protocol (1.7.0)
    amqp (1.0.2)
      amq-client (~> 1.0.2)
      amq-protocol (>= 1.3.0)
      eventmachine
    bond (0.4.3)
    bunny (0.9.0.pre10)
      amq-protocol (>= 1.4.0)
    columnize (0.3.6)
    debugger (1.6.0)
      columnize (>= 0.3.1)
      debugger-linecache (~> 1.2.0)
      debugger-ruby_core_source (~> 1.2.1)
    debugger-completion (1.0.0)
      bond (>= 0.4.2)
      debugger (~> 1.1)
    debugger-linecache (1.2.0)
    debugger-ruby_core_source (1.2.2)
    diff-lcs (1.1.3)
    dm-core (1.2.1)
      addressable (~> 2.3)
    dm-validations (1.2.0)
      dm-core (~> 1.2.0)
    eventmachine (1.0.3)
    facets (2.9.3)
    json (1.8.0)
    macaddr (1.6.1)
      systemu (~> 2.5.0)
    mime-types (1.25)
    mysql (2.9.1)
    rack (1.5.2)
    rake (10.0.4)
    rest-client (1.6.7)
      mime-types (>= 1.16)
    rspec (2.8.0)
      rspec-core (~> 2.8.0)
      rspec-expectations (~> 2.8.0)
      rspec-mocks (~> 2.8.0)
    rspec-core (2.8.0)
    rspec-expectations (2.8.0)
      diff-lcs (~> 1.1.2)
    rspec-mocks (2.8.0)
    sequel (4.2.0)
    shotgun (0.9)
      rack (>= 1.0)
    sqlite3 (1.3.7)
    state_machine (1.2.0)
    systemu (2.5.2)
    uuid (2.3.7)
      macaddr (~> 1.0)
    virtus (0.2.0)
    yard (0.8.6.1)
    yard-rspec (0.1)
      yard

PLATFORMS
  ruby

DEPENDENCIES
  debugger
  debugger-completion
  lims-busclient (~> 0.4.0)!
  lims-core (~> 2.5.0)!
  lims-management-app (~> 1.8.2)!
  lims-order-management-app!
  psd_logger!
  rake
  rspec (~> 2.8.0)
  shotgun
  sqlite3
  yard (>= 0.7.0)
  yard-rspec (= 0.1)
