GIT
  remote: http://github.com/sanger/lims-core.git
  revision: da083bba6950830ff7456bb7d3e2302180cb39f4
  branch: uat
  specs:
    lims-core (3.2.1.rc1)
      activesupport
      aequitas
      bunny (= 0.9.0.pre10)
      dm-validations
      facets (= 2.9.3)
      modularity (= 0.6.1)
      sequel
      state_machine
      uuid
      virtus (= 0.2.0)

GIT
  remote: http://github.com/sanger/lims-exception-notifier-app.git
  revision: 360dda5975b21a7b5bea1575ed5de176ad9ba8fb
  branch: master
  specs:
    lims-exception-notifier-app (0.1.3)
      mustache (~> 0.99.4)

GIT
  remote: http://github.com/sanger/psd_logger.git
  revision: dd2d634114df75b1d8535715c169a7fc99521389
  specs:
    psd_logger (0.1.6)

GIT
  remote: https://github.com/sanger/lims-busclient.git
  revision: 09730aba1fe7ff4d6fa36a9940c3fc8e04ae1bd1
  branch: uat
  specs:
    lims-busclient (0.4.1.rc1)
      aequitas
      amqp
      facets
      virtus

GIT
  remote: https://github.com/sanger/lims-management-app.git
  revision: d836bcf5d957496c2397048c68d8ec1eb51764ec
  branch: uat
  specs:
    lims-management-app (3.3.3.rc1)
      bunny (= 0.9.0.pre10)
      json

PATH
  remote: .
  specs:
    lims-order-management-app (1.0.3.rc1)
      aequitas
      amqp
      facets
      mysql
      rest-client
      sequel
      virtus

GEM
  remote: http://www.rubygems.org/
  specs:
    activesupport (4.1.7)
      i18n (~> 0.6, >= 0.6.9)
      json (~> 1.7, >= 1.7.7)
      minitest (~> 5.1)
      thread_safe (~> 0.1)
      tzinfo (~> 1.1)
    addressable (2.3.6)
    aequitas (0.0.2)
    amq-protocol (1.9.2)
    amqp (1.3.0)
      amq-protocol (>= 1.9.2)
      eventmachine
    bond (0.4.3)
    bunny (0.9.0.pre10)
      amq-protocol (>= 1.4.0)
    columnize (0.3.6)
    debugger (1.6.0)
      columnize (>= 0.3.1)
      debugger-linecache (~> 1.2.0)
      debugger-ruby_core_source (~> 1.2.1)
    debugger-completion (1.0.0)
      bond (>= 0.4.2)
      debugger (~> 1.1)
    debugger-linecache (1.2.0)
    debugger-ruby_core_source (1.2.2)
    diff-lcs (1.1.3)
    dm-core (1.2.1)
      addressable (~> 2.3)
    dm-validations (1.2.0)
      dm-core (~> 1.2.0)
    eventmachine (1.0.3)
    facets (2.9.3)
    i18n (0.6.11)
    json (1.8.1)
    macaddr (1.7.1)
      systemu (~> 2.6.2)
    mime-types (2.0)
    minitest (5.4.3)
    modularity (0.6.1)
    mustache (0.99.5)
    mysql (2.9.1)
    rack (1.5.2)
    rake (10.0.4)
    rest-client (1.6.7)
      mime-types (>= 1.16)
    rspec (2.8.0)
      rspec-core (~> 2.8.0)
      rspec-expectations (~> 2.8.0)
      rspec-mocks (~> 2.8.0)
    rspec-core (2.8.0)
    rspec-expectations (2.8.0)
      diff-lcs (~> 1.1.2)
    rspec-mocks (2.8.0)
    sequel (4.4.0)
    shotgun (0.9)
      rack (>= 1.0)
    sqlite3 (1.3.7)
    state_machine (1.2.0)
    systemu (2.6.4)
    thread_safe (0.3.4)
    tzinfo (1.2.2)
      thread_safe (~> 0.1)
    uuid (2.3.7)
      macaddr (~> 1.0)
    virtus (0.2.0)
    yard (0.8.6.1)
    yard-rspec (0.1)
      yard

PLATFORMS
  ruby

DEPENDENCIES
  debugger
  debugger-completion
  lims-busclient (~> 0.4.1.rc1)!
  lims-core (~> 3.2.1.rc1)!
  lims-exception-notifier-app (~> 0.1.3)!
  lims-management-app (~> 3.3.3.rc1)!
  lims-order-management-app!
  psd_logger!
  rake
  rspec (~> 2.8.0)
  shotgun
  sqlite3
  yard (>= 0.7.0)
  yard-rspec (= 0.1)
